GEM
  remote: https://rubygems.org/
  specs:
    ast (2.3.0)
    fileutils (0.7)
      rmagick (>= 2.13.1)
    parser (2.3.1.2)
      ast (~> 2.2)
    powerpack (0.1.1)
    rainbow (2.1.0)
    rmagick (2.15.4)
    rubocop (0.41.2)
      parser (>= 2.3.1.1, < 3.0)
      powerpack (~> 0.1)
      rainbow (>= 1.99.1, < 3.0)
      ruby-progressbar (~> 1.7)
      unicode-display_width (~> 1.0, >= 1.0.1)
    ruby-progressbar (1.8.1)
    unicode-display_width (1.1.0)

PLATFORMS
  x64-mingw32

DEPENDENCIES
  fileutils
  rubocop

BUNDLED WITH
   1.12.5
